GEM
  remote: http://rubygems.org/
  specs:
    blankslate (2.1.2.3)
    lazy (0.9.6)
    memoizable (0.1.0)

PLATFORMS
  ruby

DEPENDENCIES
  blankslate
  lazy (= 0.9.6)
  memoizable
